GEM
  remote: http://rubygems.org/
  specs:
    ray (0.1.1)

PLATFORMS
  ruby

DEPENDENCIES
  ray
